GIT
  remote: https://github.com/advancedcontrol/doorkeeper-couchbase.git
  revision: 4a0ac9da8bc196fb151cd158002fb33ce039c3b9
  specs:
    doorkeeper-couchbase (0.1.0)
      addressable

GIT
  remote: https://github.com/advancedcontrol/omniauth-openid.git
  revision: 763f48d387f1e836215519e9e1414f996bd18437
  specs:
    omniauth-openid (1.0.2)
      omniauth (~> 1.0)
      rack-openid (~> 1.4.2)

GIT
  remote: https://github.com/advancedcontrol/omniauth-saml.git
  revision: efab722ba8ad6f279fe0ed4797880f1440dd3725
  specs:
    omniauth-saml (1.1.0)
      omniauth (>= 1.2)
      ruby-saml (>= 0.7.3)

GIT
  remote: https://github.com/stakach/couchbase-ruby-model
  revision: 31918337b8b108af63c0565cfb43b73f1aef5f1f
  specs:
    couchbase-model (0.5.4)
      activemodel
      couchbase (~> 1.3.3)

PATH
  remote: ../aca-device-modules
  specs:
    aca-device-modules (2.0.0)
      orchestrator
      rails

PATH
  remote: ../coauth
  specs:
    coauth (0.0.2)
      addressable
      email_validator
      fog
      jwt
      omniauth-identity
      omniauth-oauth2
      scrypt

PATH
  remote: ../control
  specs:
    orchestrator (1.1.0)
      addressable
      algorithms
      co-elastic-query
      couchbase-id
      elasticsearch
      libuv
      rails
      rake
      uv-rays (>= 1.1.0)

GEM
  remote: https://rubygems.org/
  specs:
    CFPropertyList (2.3.1)
    actionmailer (4.2.3)
      actionpack (= 4.2.3)
      actionview (= 4.2.3)
      activejob (= 4.2.3)
      mail (~> 2.5, >= 2.5.4)
      rails-dom-testing (~> 1.0, >= 1.0.5)
    actionpack (4.2.3)
      actionview (= 4.2.3)
      activesupport (= 4.2.3)
      rack (~> 1.6)
      rack-test (~> 0.6.2)
      rails-dom-testing (~> 1.0, >= 1.0.5)
      rails-html-sanitizer (~> 1.0, >= 1.0.2)
    actionview (4.2.3)
      activesupport (= 4.2.3)
      builder (~> 3.1)
      erubis (~> 2.7.0)
      rails-dom-testing (~> 1.0, >= 1.0.5)
      rails-html-sanitizer (~> 1.0, >= 1.0.2)
    activejob (4.2.3)
      activesupport (= 4.2.3)
      globalid (>= 0.3.0)
    activemodel (4.2.3)
      activesupport (= 4.2.3)
      builder (~> 3.1)
    activerecord (4.2.3)
      activemodel (= 4.2.3)
      activesupport (= 4.2.3)
      arel (~> 6.0)
    activesupport (4.2.3)
      i18n (~> 0.7)
      json (~> 1.7, >= 1.7.7)
      minitest (~> 5.1)
      thread_safe (~> 0.3, >= 0.3.4)
      tzinfo (~> 1.1)
    addressable (2.3.8)
    algorithms (0.6.1)
    arel (6.0.0)
    bcrypt (3.1.10)
    bcrypt-ruby (3.1.5)
      bcrypt (>= 3.1.3)
    binding_of_caller (0.7.2)
      debug_inspector (>= 0.0.1)
    bisect (0.1)
    builder (3.2.2)
    co-elastic-query (1.0.3)
      elasticsearch (~> 1.0.5)
    connection_pool (2.2.0)
    cookiejar (0.3.2)
    couchbase (1.3.13)
      connection_pool (>= 1.0.0, <= 3.0.0)
      multi_json (~> 1.0)
      yaji (~> 0.3, >= 0.3.2)
    couchbase-id (1.0.12)
      radix
    debug_inspector (0.0.2)
    doorkeeper (2.1.4)
      railties (>= 3.2)
    elasticsearch (1.0.12)
      elasticsearch-api (= 1.0.12)
      elasticsearch-transport (= 1.0.12)
    elasticsearch-api (1.0.12)
      multi_json
    elasticsearch-transport (1.0.12)
      faraday
      multi_json
    email_validator (1.6.0)
      activemodel
    erubis (2.7.0)
    excon (0.45.3)
    faraday (0.9.1)
      multipart-post (>= 1.2, < 3)
    ffi (1.9.9)
    ffi-compiler (0.1.3)
      ffi (>= 1.0.0)
      rake
    fission (0.5.0)
      CFPropertyList (~> 2.2)
    fog (1.31.0)
      fog-atmos
      fog-aws (~> 0.0)
      fog-brightbox (~> 0.4)
      fog-core (~> 1.30)
      fog-ecloud
      fog-google (>= 0.0.2)
      fog-json
      fog-local
      fog-powerdns (>= 0.1.1)
      fog-profitbricks
      fog-radosgw (>= 0.0.2)
      fog-riakcs
      fog-sakuracloud (>= 0.0.4)
      fog-serverlove
      fog-softlayer
      fog-storm_on_demand
      fog-terremark
      fog-vmfusion
      fog-voxel
      fog-xml (~> 0.1.1)
      ipaddress (~> 0.5)
      nokogiri (~> 1.5, >= 1.5.11)
    fog-atmos (0.1.0)
      fog-core
      fog-xml
    fog-aws (0.6.0)
      fog-core (~> 1.27)
      fog-json (~> 1.0)
      fog-xml (~> 0.1)
      ipaddress (~> 0.8)
    fog-brightbox (0.7.2)
      fog-core (~> 1.22)
      fog-json
      inflecto (~> 0.0.2)
    fog-core (1.31.1)
      builder
      excon (~> 0.45)
      formatador (~> 0.2)
      mime-types
      net-scp (~> 1.1)
      net-ssh (>= 2.1.3)
    fog-ecloud (0.3.0)
      fog-core
      fog-xml
    fog-google (0.0.6)
      fog-core
      fog-json
      fog-xml
    fog-json (1.0.2)
      fog-core (~> 1.0)
      multi_json (~> 1.10)
    fog-local (0.2.1)
      fog-core (~> 1.27)
    fog-powerdns (0.1.1)
      fog-core (~> 1.27)
      fog-json (~> 1.0)
      fog-xml (~> 0.1)
    fog-profitbricks (0.0.3)
      fog-core
      fog-xml
      nokogiri
    fog-radosgw (0.0.4)
      fog-core (>= 1.21.0)
      fog-json
      fog-xml (>= 0.0.1)
    fog-riakcs (0.1.0)
      fog-core
      fog-json
      fog-xml
    fog-sakuracloud (1.0.1)
      fog-core
      fog-json
    fog-serverlove (0.1.2)
      fog-core
      fog-json
    fog-softlayer (0.4.7)
      fog-core
      fog-json
    fog-storm_on_demand (0.1.1)
      fog-core
      fog-json
    fog-terremark (0.1.0)
      fog-core
      fog-xml
    fog-vmfusion (0.1.0)
      fission
      fog-core
    fog-voxel (0.1.0)
      fog-core
      fog-xml
    fog-xml (0.1.2)
      fog-core
      nokogiri (~> 1.5, >= 1.5.11)
    formatador (0.2.5)
    globalid (0.3.5)
      activesupport (>= 4.1.0)
    hashie (3.4.2)
    http-parser (1.0.5)
      ffi-compiler (>= 0.0.2)
      rake
    i18n (0.7.0)
    inflecto (0.0.2)
    ipaddress (0.8.0)
    json (1.8.3)
    jwt (1.5.1)
    libuv (1.3.0)
      ffi (>= 1.9)
      ruby-tls (>= 2.0.0)
      thread_safe
    loofah (2.0.2)
      nokogiri (>= 1.5.9)
    macaddr (1.7.1)
      systemu (~> 2.6.2)
    mail (2.6.3)
      mime-types (>= 1.16, < 3)
    mime-types (2.6.1)
    mini_portile (0.6.2)
    minitest (5.7.0)
    multi_json (1.11.1)
    multi_xml (0.5.5)
    multipart-post (2.0.0)
    net-scp (1.2.1)
      net-ssh (>= 2.6.5)
    net-ssh (2.9.2)
    nokogiri (1.6.6.2)
      mini_portile (~> 0.6.0)
    oauth2 (1.0.0)
      faraday (>= 0.8, < 0.10)
      jwt (~> 1.0)
      multi_json (~> 1.3)
      multi_xml (~> 0.5)
      rack (~> 1.2)
    omniauth (1.2.2)
      hashie (>= 1.2, < 4)
      rack (~> 1.0)
    omniauth-identity (1.1.1)
      bcrypt-ruby (~> 3.0)
      omniauth (~> 1.0)
    omniauth-oauth2 (1.3.1)
      oauth2 (~> 1.0)
      omniauth (~> 1.2)
    rack (1.6.4)
    rack-openid (1.4.2)
      rack (>= 1.1.0)
      ruby-openid (>= 2.1.8)
    rack-test (0.6.3)
      rack (>= 1.0)
    radix (2.2.1)
    rails (4.2.3)
      actionmailer (= 4.2.3)
      actionpack (= 4.2.3)
      actionview (= 4.2.3)
      activejob (= 4.2.3)
      activemodel (= 4.2.3)
      activerecord (= 4.2.3)
      activesupport (= 4.2.3)
      bundler (>= 1.3.0, < 2.0)
      railties (= 4.2.3)
      sprockets-rails
    rails-deprecated_sanitizer (1.0.3)
      activesupport (>= 4.2.0.alpha)
    rails-dom-testing (1.0.6)
      activesupport (>= 4.2.0.beta, < 5.0)
      nokogiri (~> 1.6.0)
      rails-deprecated_sanitizer (>= 1.0.1)
    rails-html-sanitizer (1.0.2)
      loofah (~> 2.0)
    railties (4.2.3)
      actionpack (= 4.2.3)
      activesupport (= 4.2.3)
      rake (>= 0.8.7)
      thor (>= 0.18.1, < 2.0)
    rake (10.4.2)
    rdoc (4.2.0)
      json (~> 1.4)
    responders (2.1.0)
      railties (>= 4.2.0, < 5)
    ruby-openid (2.7.0)
    ruby-saml (0.9.2)
      nokogiri (>= 1.5.10)
      uuid (~> 2.3)
    ruby-tls (2.1.0)
      ffi-compiler (>= 0.0.2)
      thread_safe
    scrypt (2.0.2)
      ffi-compiler (>= 0.0.2)
      rake
    sdoc (0.4.1)
      json (~> 1.7, >= 1.7.7)
      rdoc (~> 4.0)
    spider-gazelle (1.0.6)
      http-parser
      libuv (>= 1.0.0)
      rack (>= 1.0.0)
      radix
      rake
      thread_safe
      websocket-driver
    sprockets (3.2.0)
      rack (~> 1.0)
    sprockets-rails (2.3.2)
      actionpack (>= 3.0)
      activesupport (>= 3.0)
      sprockets (>= 2.8, < 4.0)
    systemu (2.6.5)
    thor (0.19.1)
    thread_safe (0.3.5)
    tzinfo (1.2.2)
      thread_safe (~> 0.1)
    uuid (2.3.8)
      macaddr (~> 1.0)
    uv-rays (1.1.0)
      addressable
      bisect
      cookiejar
      http-parser (>= 1.0.4)
      ipaddress
      libuv (>= 0.11.20)
      tzinfo
    web-console (2.1.3)
      activemodel (>= 4.0)
      binding_of_caller (>= 0.7.2)
      railties (>= 4.0)
      sprockets-rails (>= 2.0, < 4.0)
    websocket-driver (0.5.4)
      websocket-extensions (>= 0.1.0)
    websocket-extensions (0.1.2)
    yaji (0.3.5)

PLATFORMS
  ruby

DEPENDENCIES
  aca-device-modules!
  co-elastic-query
  coauth!
  couchbase
  couchbase-id
  couchbase-model!
  doorkeeper (= 2.1.4)
  doorkeeper-couchbase!
  elasticsearch
  omniauth-openid!
  omniauth-saml!
  orchestrator!
  rails (~> 4.2.0)
  responders (~> 2.0)
  scrypt
  sdoc (~> 0.4.0)
  spider-gazelle (>= 1.0.0)
  tzinfo-data
  web-console (~> 2.0)
